GEM
  remote: https://rubygems.org/
  specs:
    artii (2.1.1)
    coderay (1.1.0)
    faraday (0.9.2)
      multipart-post (>= 1.2, < 3)
    formatador (0.2.5)
    http_router (0.11.2)
      rack (>= 1.0.0)
      url_mount (~> 0.2.1)
    i18n (0.7.0)
    ice_nine (0.11.1)
    lita (4.6.1)
      bundler (>= 1.3)
      faraday (>= 0.8.7)
      http_router (>= 0.11.2)
      i18n (>= 0.6.9)
      ice_nine (>= 0.11.0)
      multi_json (>= 1.7.7)
      puma (>= 2.7.1)
      rack (>= 1.5.2)
      rb-readline (>= 0.5.1)
      redis-namespace (>= 1.3.0)
      thor (>= 0.18.1)
    lita-ascii-art (0.1.0)
      artii (>= 2.0.4)
      lita (>= 4.0.0)
    method_source (0.8.2)
    multi_json (1.11.2)
    multipart-post (2.0.0)
    notifier (0.5.1)
    pry (0.10.2)
      coderay (~> 1.1.0)
      method_source (~> 0.8.1)
      slop (~> 3.4)
    puma (2.14.0)
    rack (1.6.4)
    rb-readline (0.5.3)
    redis (3.2.1)
    redis-namespace (1.5.2)
      redis (~> 3.0, >= 3.0.4)
    slop (3.6.0)
    talks (0.4.1)
      notifier
    thor (0.19.1)
    url_mount (0.2.1)
      rack

PLATFORMS
  ruby

DEPENDENCIES
  formatador
  lita-ascii-art
  pry
  talks

BUNDLED WITH
   1.10.6
